PATH
  remote: .
  specs:
    test_console (0.0.1)
      rails (~> 3.1.0)

GEM
  remote: http://rubygems.org/
  specs:
    actionmailer (3.1.6)
      actionpack (= 3.1.6)
      mail (~> 2.3.3)
    actionpack (3.1.6)
      activemodel (= 3.1.6)
      activesupport (= 3.1.6)
      builder (~> 3.0.0)
      erubis (~> 2.7.0)
      i18n (~> 0.6)
      rack (~> 1.3.6)
      rack-cache (~> 1.2)
      rack-mount (~> 0.8.2)
      rack-test (~> 0.6.1)
      sprockets (~> 2.0.4)
    activemodel (3.1.6)
      activesupport (= 3.1.6)
      builder (~> 3.0.0)
      i18n (~> 0.6)
    activerecord (3.1.6)
      activemodel (= 3.1.6)
      activesupport (= 3.1.6)
      arel (~> 2.2.3)
      tzinfo (~> 0.3.29)
    activeresource (3.1.6)
      activemodel (= 3.1.6)
      activesupport (= 3.1.6)
    activesupport (3.1.6)
      multi_json (>= 1.0, < 1.3)
    arel (2.2.3)
    aruba (0.4.11)
      childprocess (>= 0.2.3)
      cucumber (>= 1.1.1)
      ffi (>= 1.0.11)
      rspec (>= 2.7.0)
    builder (3.0.0)
    childprocess (0.3.3)
      ffi (~> 1.0.6)
    cucumber (1.2.1)
      builder (>= 2.1.2)
      diff-lcs (>= 1.1.3)
      gherkin (~> 2.11.0)
      json (>= 1.4.6)
    diff-lcs (1.1.3)
    erubis (2.7.0)
    ffi (1.0.11)
    gherkin (2.11.1)
      json (>= 1.4.6)
    hike (1.2.1)
    i18n (0.6.0)
    json (1.7.3)
    mail (2.3.3)
      i18n (>= 0.4.0)
      mime-types (~> 1.16)
      treetop (~> 1.4.8)
    mime-types (1.19)
    multi_json (1.2.0)
    polyglot (0.3.3)
    rack (1.3.6)
    rack-cache (1.2)
      rack (>= 0.4)
    rack-mount (0.8.3)
      rack (>= 1.0.0)
    rack-ssl (1.3.2)
      rack
    rack-test (0.6.1)
      rack (>= 1.0)
    rails (3.1.6)
      actionmailer (= 3.1.6)
      actionpack (= 3.1.6)
      activerecord (= 3.1.6)
      activeresource (= 3.1.6)
      activesupport (= 3.1.6)
      bundler (~> 1.0)
      railties (= 3.1.6)
    railties (3.1.6)
      actionpack (= 3.1.6)
      activesupport (= 3.1.6)
      rack-ssl (~> 1.3.2)
      rake (>= 0.8.7)
      rdoc (~> 3.4)
      thor (~> 0.14.6)
    rake (0.9.2.2)
    rdoc (3.12)
      json (~> 1.4)
    rspec (2.11.0)
      rspec-core (~> 2.11.0)
      rspec-expectations (~> 2.11.0)
      rspec-mocks (~> 2.11.0)
    rspec-core (2.11.0)
    rspec-expectations (2.11.1)
      diff-lcs (~> 1.1.3)
    rspec-mocks (2.11.1)
    sprockets (2.0.4)
      hike (~> 1.2)
      rack (~> 1.0)
      tilt (~> 1.1, != 1.3.0)
    sqlite3 (1.3.6)
    thor (0.14.6)
    tilt (1.3.3)
    treetop (1.4.10)
      polyglot
      polyglot (>= 0.3.1)
    tzinfo (0.3.33)

PLATFORMS
  ruby

DEPENDENCIES
  aruba
  sqlite3
  test_console!
